GIT
  remote: git://github.com/owen2345/camaleon-cms
  revision: c56ca37f448758e9f6782c42e418d44f603321de
  specs:
    camaleon_cms (1.0.8)
      actionpack-page_caching
      active_model_serializers (= 0.9.2)
      bcrypt
      cancancan (~> 1.10)
      doorkeeper (~> 3.0)
      draper (~> 1.3)
      dynamic_sitemaps
      el_finder
      meta-tags (~> 2.0)
      mini_magick
      mobu
      protected_attributes
      responders (~> 2.0)
      rufus-scheduler
      swagger-docs (~> 0.1)
      will_paginate
      will_paginate-bootstrap

GEM
  remote: https://rubygems.org/
  specs:
    actionmailer (4.2.8)
      actionpack (= 4.2.8)
      actionview (= 4.2.8)
      activejob (= 4.2.8)
      mail (~> 2.5, >= 2.5.4)
      rails-dom-testing (~> 1.0, >= 1.0.5)
    actionpack (4.2.8)
      actionview (= 4.2.8)
      activesupport (= 4.2.8)
      rack (~> 1.6)
      rack-test (~> 0.6.2)
      rails-dom-testing (~> 1.0, >= 1.0.5)
      rails-html-sanitizer (~> 1.0, >= 1.0.2)
    actionpack-page_caching (1.0.2)
      actionpack (>= 4.0.0, < 5)
    actionview (4.2.8)
      activesupport (= 4.2.8)
      builder (~> 3.1)
      erubis (~> 2.7.0)
      rails-dom-testing (~> 1.0, >= 1.0.5)
      rails-html-sanitizer (~> 1.0, >= 1.0.3)
    active_model_serializers (0.9.2)
      activemodel (>= 3.2)
    activejob (4.2.8)
      activesupport (= 4.2.8)
      globalid (>= 0.3.0)
    activemodel (4.2.8)
      activesupport (= 4.2.8)
      builder (~> 3.1)
    activerecord (4.2.8)
      activemodel (= 4.2.8)
      activesupport (= 4.2.8)
      arel (~> 6.0)
    activesupport (4.2.8)
      i18n (~> 0.7)
      minitest (~> 5.1)
      thread_safe (~> 0.3, >= 0.3.4)
      tzinfo (~> 1.1)
    arel (6.0.4)
    bcrypt (3.1.10)
    better_errors (2.1.1)
      coderay (>= 1.0.0)
      erubis (>= 2.6.6)
      rack (>= 0.9.0)
    binding_of_caller (0.7.2)
      debug_inspector (>= 0.0.1)
    bourbon (4.2.6)
      sass (~> 3.4)
      thor (~> 0.19)
    builder (3.2.4)
    byebug (6.0.2)
    callsite (0.0.11)
    cancancan (1.13.1)
    coderay (1.1.0)
    coffee-rails (4.1.0)
      coffee-script (>= 2.2.0)
      railties (>= 4.0.0, < 5.0)
    coffee-script (2.4.1)
      coffee-script-source
      execjs
    coffee-script-source (1.9.1.1)
    concurrent-ruby (1.1.8)
    crass (1.0.6)
    daemons (1.2.3)
    debug_inspector (0.0.2)
    decorators (2.0.1)
      railties (>= 4.0.0, < 5.0.0)
    doorkeeper (3.0.1)
      railties (>= 3.2)
    draper (1.4.0)
      actionpack (>= 3.0)
      activemodel (>= 3.0)
      activesupport (>= 3.0)
      request_store (~> 1.0)
    dynamic_sitemaps (2.0.0)
    el_finder (1.1.12)
      image_size (>= 1.0.0)
    erubis (2.7.0)
    eventmachine (1.0.8)
    execjs (2.6.0)
    git-version-bump (0.15.1)
    globalid (0.4.2)
      activesupport (>= 4.2.0)
    i18n (0.9.5)
      concurrent-ruby (~> 1.0)
    image_size (1.4.1)
    ionicons-rails (2.0.0)
    jbuilder (2.3.2)
      activesupport (>= 3.0.0, < 5)
      multi_json (~> 1.2)
    jquery-rails (4.0.5)
      rails-dom-testing (~> 1.0)
      railties (>= 4.2.0)
      thor (>= 0.14, < 2.0)
    json (1.8.6)
    loofah (2.9.0)
      crass (~> 1.0.2)
      nokogiri (>= 1.5.9)
    mail (2.7.1)
      mini_mime (>= 0.1.1)
    meta-tags (2.1.0)
      actionpack (>= 3.0.0)
    meta_request (0.3.4)
      callsite (~> 0.0, >= 0.0.11)
      rack-contrib (~> 1.1)
      railties (>= 3.0.0, < 5.0.0)
    mini_magick (4.3.6)
    mini_mime (1.0.2)
    mini_portile2 (2.5.0)
    minitest (5.14.4)
    mobu (0.0.3)
      actionpack (>= 3.2)
      activesupport (>= 3.2)
      rack (~> 1.4)
    multi_json (1.11.2)
    newrelic_rpm (3.14.0.305)
    nio4r (2.5.5)
    nokogiri (1.11.1)
      mini_portile2 (~> 2.5.0)
      racc (~> 1.4)
    pg (0.18.3)
    post_reorder (0.0.1)
      rails (~> 4.2.4)
    protected_attributes (1.1.3)
      activemodel (>= 4.0.1, < 5.0)
    puma (5.2.2)
      nio4r (~> 2.0)
    racc (1.5.2)
    rack (1.6.13)
    rack-contrib (1.4.0)
      git-version-bump (~> 0.15)
      rack (~> 1.4)
    rack-test (0.6.3)
      rack (>= 1.0)
    rails (4.2.8)
      actionmailer (= 4.2.8)
      actionpack (= 4.2.8)
      actionview (= 4.2.8)
      activejob (= 4.2.8)
      activemodel (= 4.2.8)
      activerecord (= 4.2.8)
      activesupport (= 4.2.8)
      bundler (>= 1.3.0, < 2.0)
      railties (= 4.2.8)
      sprockets-rails
    rails-deprecated_sanitizer (1.0.4)
      activesupport (>= 4.2.0.alpha)
    rails-dom-testing (1.0.9)
      activesupport (>= 4.2.0, < 5.0)
      nokogiri (~> 1.6)
      rails-deprecated_sanitizer (>= 1.0.1)
    rails-html-sanitizer (1.3.0)
      loofah (~> 2.3)
    rails_12factor (0.0.3)
      rails_serve_static_assets
      rails_stdout_logging
    rails_serve_static_assets (0.0.4)
    rails_stdout_logging (0.0.4)
    railties (4.2.8)
      actionpack (= 4.2.8)
      activesupport (= 4.2.8)
      rake (>= 0.8.7)
      thor (>= 0.18.1, < 2.0)
    rake (13.0.3)
    rdoc (4.2.0)
      json (~> 1.4)
    request_store (1.2.0)
    responders (2.1.0)
      railties (>= 4.2.0, < 5)
    rufus-scheduler (3.1.8)
    sass (3.4.19)
    sass-rails (5.0.4)
      railties (>= 4.0.0, < 5.0)
      sass (~> 3.1)
      sprockets (>= 2.8, < 4.0)
      sprockets-rails (>= 2.0, < 4.0)
      tilt (>= 1.1, < 3)
    sdoc (0.4.1)
      json (~> 1.7, >= 1.7.7)
      rdoc (~> 4.0)
    spring (2.1.1)
    sprockets (3.7.2)
      concurrent-ruby (~> 1.0)
      rack (> 1, < 3)
    sprockets-rails (3.2.2)
      actionpack (>= 4.0)
      activesupport (>= 4.0)
      sprockets (>= 3.0.0)
    swagger-docs (0.1.9)
      activesupport (>= 3, < 5)
      rails (>= 3, < 5)
    thin (1.6.4)
      daemons (~> 1.0, >= 1.0.9)
      eventmachine (~> 1.0, >= 1.0.4)
      rack (~> 1.0)
    thor (0.20.3)
    thread_safe (0.3.6)
    tilt (2.0.1)
    turbolinks (2.5.3)
      coffee-rails
    tzinfo (1.2.9)
      thread_safe (~> 0.1)
    tzinfo-data (1.2015.7)
      tzinfo (>= 1.0.0)
    uglifier (2.7.2)
      execjs (>= 0.3.0)
      json (>= 1.8.0)
    web-console (2.2.1)
      activemodel (>= 4.0)
      binding_of_caller (>= 0.7.2)
      railties (>= 4.0)
      sprockets-rails (>= 2.0, < 4.0)
    will_paginate (3.0.7)
    will_paginate-bootstrap (1.0.1)
      will_paginate (>= 3.0.3)

PLATFORMS
  ruby

DEPENDENCIES
  actionpack-page_caching
  bcrypt
  better_errors
  binding_of_caller
  bourbon
  byebug
  camaleon_cms!
  cancancan (~> 1.10)
  coffee-rails (~> 4.1.0)
  decorators (~> 2.0.1)
  draper (~> 1.3)
  dynamic_sitemaps
  el_finder
  ionicons-rails
  jbuilder (~> 2.0)
  jquery-rails
  meta-tags
  meta_request
  mini_magick
  mobu
  newrelic_rpm
  pg
  post_reorder
  protected_attributes
  puma (>= 3)
  rails (= 4.2.8)
  rails_12factor
  rufus-scheduler (~> 3.1.1)
  sass-rails (~> 5.0)
  sdoc (~> 0.4.0)
  spring
  thin
  turbolinks
  tzinfo-data
  uglifier (>= 1.3.0)
  web-console (~> 2.0)
  will_paginate
  will_paginate-bootstrap

RUBY VERSION
   ruby 2.6.6p146

BUNDLED WITH
   1.17.2
